PATH
  remote: .
  specs:
    lobbying_disclosure_client (0.0.1)

GEM
  remote: https://rubygems.org/
  specs:

PLATFORMS
  ruby
  x86_64-darwin-23

DEPENDENCIES
  lobbying_disclosure_client!

BUNDLED WITH
   2.5.11
