PATH
  remote: .
  specs:
    lobbying_disclosure_client (0.0.1)
      sorbet-runtime

GEM
  remote: https://rubygems.org/
  specs:
    erubi (1.13.0)
    netrc (0.11.0)
    parallel (1.26.2)
    prism (0.30.0)
    rbi (0.1.14)
      prism (>= 0.18.0, < 1.0.0)
      sorbet-runtime (>= 0.5.9204)
    sorbet (0.5.11519)
      sorbet-static (= 0.5.11519)
    sorbet-runtime (0.5.11519)
    sorbet-static (0.5.11519-universal-darwin)
    sorbet-static-and-runtime (0.5.11519)
      sorbet (= 0.5.11519)
      sorbet-runtime (= 0.5.11519)
    spoom (1.4.2)
      erubi (>= 1.10.0)
      prism (>= 0.28.0)
      sorbet-static-and-runtime (>= 0.5.10187)
      thor (>= 0.19.2)
    tapioca (0.16.0)
      bundler (>= 2.2.25)
      netrc (>= 0.11.0)
      parallel (>= 1.21.0)
      rbi (>= 0.1.14, < 0.2)
      sorbet-static-and-runtime (>= 0.5.11087)
      spoom (>= 1.2.0)
      thor (>= 1.2.0)
      yard-sorbet
    thor (1.3.1)
    yard (0.9.36)
    yard-sorbet (0.9.0)
      sorbet-runtime
      yard

PLATFORMS
  ruby
  x86_64-darwin-23

DEPENDENCIES
  lobbying_disclosure_client!
  sorbet
  tapioca

BUNDLED WITH
   2.5.11
